GEM
  remote: https://rubygems.org/
  specs:
    bcrypt-ruby (3.0.1)
    bson (1.8.5)
    haml (4.0.2)
      tilt
    mongo (1.8.5)
      bson (~> 1.8.5)
    mustermann (1.1.1)
      ruby2_keywords (~> 0.0.1)
    rack (2.2.3)
    rack-protection (2.2.0)
      rack
    ruby2_keywords (0.0.5)
    sinatra (2.2.0)
      mustermann (~> 1.0)
      rack (~> 2.2)
      rack-protection (= 2.2.0)
      tilt (~> 2.0)
    tilt (2.0.10)

PLATFORMS
  ruby

DEPENDENCIES
  bcrypt-ruby
  haml
  mongo
  sinatra
